GEM
  remote: http://rubygems.org/
  specs:
    ejs (1.1.1)
    ffi (1.0.11)
    growl (1.0.3)
    guard (1.2.1)
      listen (>= 0.4.2)
      thor (>= 0.14.6)
    listen (0.4.6)
      rb-fchange (~> 0.0.5)
      rb-fsevent (~> 0.9.1)
      rb-inotify (~> 0.8.8)
    rb-fchange (0.0.5)
      ffi
    rb-fsevent (0.9.1)
    rb-inotify (0.8.8)
      ffi (>= 0.5.0)
    thor (0.15.3)

PLATFORMS
  ruby

DEPENDENCIES
  ejs
  growl
  guard
